PATH
  remote: .
  specs:
    responds_to_parent (1.1.0)
      actionpack (>= 3.2.22, < 5.0)

GEM
  remote: https://rubygems.org/
  specs:
    actionpack (3.2.22.5)
      activemodel (= 3.2.22.5)
      activesupport (= 3.2.22.5)
      builder (~> 3.0.0)
      erubis (~> 2.7.0)
      journey (~> 1.0.4)
      rack (~> 1.4.5)
      rack-cache (~> 1.2)
      rack-test (~> 0.6.1)
      sprockets (~> 2.2.1)
    activemodel (3.2.22.5)
      activesupport (= 3.2.22.5)
      builder (~> 3.0.0)
    activesupport (3.2.22.5)
      i18n (~> 0.6, >= 0.6.4)
      multi_json (~> 1.0)
    builder (3.0.4)
    bump (0.8.0)
    byebug (11.0.1)
    concurrent-ruby (1.1.5)
    erubis (2.7.0)
    hike (1.2.3)
    i18n (0.9.5)
      concurrent-ruby (~> 1.0)
    journey (1.0.4)
    minitest (4.7.5)
    multi_json (1.14.1)
    power_assert (1.1.5)
    rack (1.4.7)
    rack-cache (1.10.0)
      rack (>= 0.4)
    rack-test (0.6.3)
      rack (>= 1.0)
    rake (13.0.0)
    sprockets (2.2.3)
      hike (~> 1.2)
      multi_json (~> 1.0)
      rack (~> 1.0)
      tilt (~> 1.1, != 1.3.0)
    test-unit (3.3.4)
      power_assert
    tilt (1.4.1)
    wwtd (1.4.0)

PLATFORMS
  ruby

DEPENDENCIES
  actionpack (~> 3.2.22)
  bump
  byebug
  minitest (~> 4.7)
  rake
  responds_to_parent!
  test-unit
  wwtd

BUNDLED WITH
   1.17.3
